GEM
  remote: https://rubygems.org/
  specs:
    dotenv (2.7.5)
    faraday (1.0.0)
      multipart-post (>= 1.2, < 3)
    multi_json (1.15.0)
    multipart-post (2.1.1)
    mustermann (3.0.0)
      ruby2_keywords (~> 0.0.1)
    rack (2.2.4)
    rack-protection (3.0.4)
      rack
    ruby2_keywords (0.0.5)
    sentry-raven (3.0.0)
      faraday (>= 1.0)
    sinatra (3.0.4)
      mustermann (~> 3.0)
      rack (~> 2.2, >= 2.2.4)
      rack-protection (= 3.0.4)
      tilt (~> 2.0)
    sinatra-contrib (3.0.4)
      multi_json
      mustermann (~> 3.0)
      rack-protection (= 3.0.4)
      sinatra (= 3.0.4)
      tilt (~> 2.0)
    tilt (2.0.11)

PLATFORMS
  ruby

DEPENDENCIES
  dotenv
  sentry-raven
  sinatra
  sinatra-contrib

BUNDLED WITH
   1.17.3
